GEM
  remote: https://rubygems.org/
  specs:
    Platform (0.4.0)
    autoperf (1.1.0)
      httperfrb (~> 0.3.11)
      ruport (~> 1.6.3)
    cast-ssh (0.1.4)
      peach
      trollop
    color (1.7)
    fastercsv (1.5.5)
    httperfrb (0.3.12)
      open4
    open4 (1.3.4)
    ox (2.0.11)
    pcap_tools (0.0.7)
      ox (= 2.0.11)
      popen4 (= 0.1.2)
    pdf-writer (1.1.8)
      color (>= 1.4.0)
      transaction-simple (~> 1.3)
    peach (0.5.1)
    popen4 (0.1.2)
      Platform (>= 0.4.0)
      open4 (>= 0.4.0)
    ruport (1.6.3)
      fastercsv
      pdf-writer (= 1.1.8)
    transaction-simple (1.4.0.2)
    trollop (2.0)

PLATFORMS
  ruby

DEPENDENCIES
  autoperf
  cast-ssh
  pcap_tools
  trollop
